GEM
  remote: https://rubygems.org/
  specs:
    amq-protocol (2.0.1)
    amqp (1.6.0)
      amq-protocol (>= 2.0.1)
      eventmachine
    childprocess (0.5.8)
      ffi (~> 1.0, >= 1.0.11)
    em-http-server (0.1.8)
      eventmachine
    em-worker (0.0.2)
      eventmachine
    eventmachine (1.2.0.1)
    ffi (1.9.14)
    oj (2.14.6)
    sensu (0.25.0)
      em-http-server (= 0.1.8)
      eventmachine (= 1.2.0.1)
      sensu-extension (= 1.5.0)
      sensu-extensions (= 1.5.0)
      sensu-json (= 2.0.0)
      sensu-logger (= 1.2.0)
      sensu-redis (= 1.4.0)
      sensu-settings (= 5.2.0)
      sensu-spawn (= 2.2.0)
      sensu-transport (= 6.0.0)
    sensu-extension (1.5.0)
      eventmachine
    sensu-extensions (1.5.0)
      sensu-extension
      sensu-json (>= 1.1.0)
      sensu-logger
      sensu-settings
    sensu-json (2.0.0)
      oj (= 2.14.6)
    sensu-logger (1.2.0)
      eventmachine
      sensu-json
    sensu-redis (1.4.0)
      eventmachine
    sensu-settings (5.2.0)
      sensu-json (>= 1.1.0)
    sensu-spawn (2.2.0)
      childprocess (= 0.5.8)
      em-worker (= 0.0.2)
      eventmachine
    sensu-transport (6.0.0)
      amq-protocol (= 2.0.1)
      amqp (= 1.6.0)
      eventmachine
      sensu-redis (>= 1.0.0)

PLATFORMS
  ruby

DEPENDENCIES
  sensu (= 0.25.0)

BUNDLED WITH
   1.13.7
